GEM
  remote: https://rubygems.org/
  specs:
    byebug (4.0.5)
      columnize (= 0.9.0)
    columnize (0.9.0)
    json (1.8.2)
    opsgenie (0.0.1)

PLATFORMS
  ruby

DEPENDENCIES
  byebug
  json
  opsgenie (~> 0.0.1)
